GEM
  remote: http://rubygems.org/
  specs:
    activemodel (3.2.9)
      activesupport (= 3.2.9)
      builder (~> 3.0.0)
    activesupport (3.2.9)
      i18n (~> 0.6)
      multi_json (~> 1.0)
    addressable (2.3.2)
    archive-tar-minitar (0.5.2)
    berkshelf (1.1.0)
      activesupport
      chef (>= 10.16.2)
      chozo (>= 0.2.3)
      hashie
      minitar
      multi_json (>= 1.3.0)
      ridley (>= 0.4.1)
      solve (>= 0.4.0.rc1)
      thor (~> 0.16.0)
      vagrant (~> 1.0.5)
      yajl-ruby
    builder (3.0.4)
    bunny (0.7.9)
    celluloid (0.12.4)
      facter (>= 1.6.12)
      timers (>= 1.0.0)
    chef (10.16.2)
      bunny (>= 0.6.0, < 0.8.0)
      erubis
      highline (>= 1.6.9)
      json (>= 1.4.4, <= 1.6.1)
      mixlib-authentication (>= 1.3.0)
      mixlib-cli (>= 1.1.0)
      mixlib-config (>= 1.1.2)
      mixlib-log (>= 1.3.0)
      mixlib-shellout
      moneta
      net-ssh (~> 2.2.2)
      net-ssh-multi (~> 1.1.0)
      ohai (>= 0.6.0)
      rest-client (>= 1.0.4, < 1.7.0)
      treetop (~> 1.4.9)
      uuidtools
      yajl-ruby (~> 1.1)
    chefspec (0.9.0)
      chef (>= 0.9.12)
      erubis
      minitest-chef-handler (~> 0.6.0)
      rspec (~> 2.11.0)
    childprocess (0.3.6)
      ffi (~> 1.0, >= 1.0.6)
    chozo (0.2.3)
      activesupport (>= 3.2.0)
      hashie
      multi_json (>= 1.3.0)
    ci_reporter (1.8.3)
      builder (>= 2.1.2)
    coderay (1.0.8)
    diff-lcs (1.1.3)
    erubis (2.7.0)
    facter (1.6.16)
    faraday (0.8.4)
      multipart-post (~> 1.1)
    ffi (1.2.0)
    foodcritic (1.6.1)
      erubis
      gherkin (~> 2.11.1)
      gist (~> 3.1.0)
      nokogiri (= 1.5.0)
      pry (~> 0.9.8.4)
      rak (~> 1.4)
      treetop (~> 1.4.10)
      yajl-ruby (~> 1.1.0)
    gherkin (2.11.5)
      json (>= 1.4.6)
    gist (3.1.0)
    hashie (1.2.0)
    highline (1.6.15)
    i18n (0.6.1)
    ipaddress (0.8.0)
    json (1.5.4)
    log4r (1.1.10)
    method_source (0.7.1)
    mime-types (1.19)
    minitar (0.5.4)
    minitest (4.3.3)
    minitest-chef-handler (0.6.4)
      chef
      ci_reporter
      minitest
    mixlib-authentication (1.3.0)
      mixlib-log
    mixlib-cli (1.2.2)
    mixlib-config (1.1.2)
    mixlib-log (1.4.1)
    mixlib-shellout (1.1.0)
    moneta (0.6.0)
    multi_json (1.5.0)
    multipart-post (1.1.5)
    net-scp (1.0.4)
      net-ssh (>= 1.99.1)
    net-ssh (2.2.2)
    net-ssh-gateway (1.1.0)
      net-ssh (>= 1.99.1)
    net-ssh-multi (1.1)
      net-ssh (>= 2.1.4)
      net-ssh-gateway (>= 0.99.0)
    nokogiri (1.5.0)
    ohai (6.14.0)
      ipaddress
      mixlib-cli
      mixlib-config
      mixlib-log
      systemu
      yajl-ruby
    polyglot (0.3.3)
    pry (0.9.8.4)
      coderay (~> 1.0.5)
      method_source (~> 0.7.1)
      slop (>= 2.4.4, < 3)
    rak (1.4)
    rake (10.0.2)
    rest-client (1.6.7)
      mime-types (>= 1.16)
    ridley (0.5.2)
      activemodel (>= 3.2.0)
      activesupport (>= 3.2.0)
      addressable
      celluloid
      chozo (>= 0.2.2)
      erubis
      faraday
      json (>= 1.5.0)
      mixlib-authentication
      mixlib-log
      multi_json (>= 1.0.4)
      net-ssh
    rspec (2.11.0)
      rspec-core (~> 2.11.0)
      rspec-expectations (~> 2.11.0)
      rspec-mocks (~> 2.11.0)
    rspec-core (2.11.1)
    rspec-expectations (2.11.3)
      diff-lcs (~> 1.1.3)
    rspec-mocks (2.11.3)
    slop (2.4.4)
    solve (0.4.0)
      json
    systemu (2.5.2)
    thor (0.16.0)
    timers (1.0.1)
    treetop (1.4.12)
      polyglot
      polyglot (>= 0.3.1)
    uuidtools (2.1.3)
    vagrant (1.0.5)
      archive-tar-minitar (= 0.5.2)
      childprocess (~> 0.3.1)
      erubis (~> 2.7.0)
      i18n (~> 0.6.0)
      json (~> 1.5.1)
      log4r (~> 1.1.9)
      net-scp (~> 1.0.4)
      net-ssh (~> 2.2.2)
    yajl-ruby (1.1.0)

PLATFORMS
  ruby

DEPENDENCIES
  berkshelf (~> 1.1.0)
  chefspec (~> 0.9.0)
  foodcritic (~> 1.6.1)
  rake
  vagrant (~> 1.0.5)
